GEM
  remote: http://rubygems.org/
  specs:
    ansi (1.4.3)
    builder (3.1.3)
    hashie (1.2.0)
    minitest (3.5.0)
    minitest-reporters (0.11.0)
      ansi
      builder
      minitest (>= 2.12, < 4.0)
      powerbar
    powerbar (1.0.9)
      ansi (~> 1.4.0)
      hashie (>= 1.1.0)

PLATFORMS
  ruby

DEPENDENCIES
  minitest
  minitest-reporters (>= 0.5.0)
